PATH
  remote: .
  specs:
    rake-compile (0.2.2)
      colorize
      rake (~> 10.0)

GEM
  remote: https://rubygems.org/
  specs:
    colorize (0.7.7)
    minitest (5.8.2)
    rake (10.4.2)

PLATFORMS
  ruby

DEPENDENCIES
  bundler (~> 1.10)
  minitest
  rake-compile!

BUNDLED WITH
   1.10.6
